GEM
  remote: https://rubygems.org/
  specs:
    byebug (11.1.1)
    childprocess (3.0.0)
    mini_portile2 (2.4.0)
    nokogiri (1.10.9)
      mini_portile2 (~> 2.4.0)
    rake (13.0.1)
    rubyzip (2.3.0)
    selenium-webdriver (3.142.7)
      childprocess (>= 0.5, < 4.0)
      rubyzip (>= 1.2.2)
    webdrivers (4.2.0)
      nokogiri (~> 1.6)
      rubyzip (>= 1.3.0)
      selenium-webdriver (>= 3.0, < 4.0)

PLATFORMS
  ruby

DEPENDENCIES
  byebug
  nokogiri
  rake
  selenium-webdriver
  webdrivers (~> 4.0)

BUNDLED WITH
   2.1.4
